PATH
  remote: .
  specs:
    ruby-stix2 (0.1.1)
      hashie (~> 5.0.0)

GEM
  remote: https://rubygems.org/
  specs:
    byebug (11.1.3)
    coderay (1.1.3)
    docile (1.4.0)
    hashie (5.0.0)
    io-console (0.6.0)
    irb (1.7.0)
      reline (>= 0.3.0)
    method_source (1.0.0)
    minitest (5.18.1)
    pry (0.13.1)
      coderay (~> 1.1)
      method_source (~> 1.0)
    pry-byebug (3.10.1)
      byebug (~> 11.0)
      pry (>= 0.13, < 0.15)
    rake (13.0.6)
    reline (0.3.5)
      io-console (~> 0.5)
    simplecov (0.22.0)
      docile (~> 1.1)
      simplecov-html (~> 0.11)
      simplecov_json_formatter (~> 0.1)
    simplecov-html (0.12.3)
    simplecov_json_formatter (0.1.4)

PLATFORMS
  x86_64-linux

DEPENDENCIES
  bundler (~> 2.3)
  irb (~> 1.7.0)
  minitest (~> 5.18.1)
  pry (~> 0.13.0)
  pry-byebug (~> 3.10.1)
  rake (~> 13.0)
  ruby-stix2!
  simplecov (~> 0.22.0)

BUNDLED WITH
   2.3.26
